GEM
  remote: https://rubygems.org/
  specs:
    ast (2.4.2)
    hoe (3.22.3)
      rake (>= 0.8, < 15.0)
    minitest (5.14.4)
    parallel (1.20.1)
    parser (3.0.0.0)
      ast (~> 2.4.1)
    rainbow (3.0.0)
    rake (13.0.3)
    rdoc (6.3.0)
    regexp_parser (2.1.1)
    rexml (3.2.5)
    rubocop (1.12.0)
      parallel (~> 1.10)
      parser (>= 3.0.0.0)
      rainbow (>= 2.2.2, < 4.0)
      regexp_parser (>= 1.8, < 3.0)
      rexml
      rubocop-ast (>= 1.2.0, < 2.0)
      ruby-progressbar (~> 1.7)
      unicode-display_width (>= 1.4.0, < 3.0)
    rubocop-ast (1.4.1)
      parser (>= 2.7.1.5)
    ruby-progressbar (1.11.0)
    systemu (2.6.5)
    unicode-display_width (2.0.0)

PLATFORMS
  java
  ruby
  x86-mingw32

DEPENDENCIES
  hoe (~> 3.22.3)
  minitest (~> 5.14.4)
  rdoc (~> 6.3.0)
  rubocop (~> 1.12.0)
  systemu (~> 2.6.5)

BUNDLED WITH
   2.2.15
