GEM
  remote: https://rubygems.org/
  specs:
    hoe (3.16.2)
      rake (>= 0.8, < 13.0)
    minitest (5.10.1)
    rake (12.3.3)
    rdoc (5.0.0)
    systemu (2.6.5)

PLATFORMS
  java
  ruby
  x86-mingw32

DEPENDENCIES
  hoe (~> 3.16.0)
  minitest (~> 5.10.1)
  rdoc (~> 5.0.0)
  systemu (~> 2.6)

BUNDLED WITH
   1.17.3
