GEM
  remote: https://rubygems.org/
  specs:
    ast (2.4.1)
    hoe (3.21.0)
      rake (>= 0.8, < 15.0)
    jaro_winkler (1.5.4)
    jaro_winkler (1.5.4-java)
    minitest (5.14.2)
    parallel (1.19.2)
    parser (2.7.1.4)
      ast (~> 2.4.1)
    rainbow (3.0.0)
    rake (13.0.1)
    rdoc (6.1.2)
    rexml (3.2.4)
    rubocop (0.81.0)
      jaro_winkler (~> 1.5.1)
      parallel (~> 1.10)
      parser (>= 2.7.0.1)
      rainbow (>= 2.2.2, < 4.0)
      rexml
      ruby-progressbar (~> 1.7)
      unicode-display_width (>= 1.4.0, < 2.0)
    ruby-progressbar (1.10.1)
    systemu (2.6.5)
    unicode-display_width (1.7.0)

PLATFORMS
  java
  ruby
  x86-mingw32

DEPENDENCIES
  hoe (~> 3.21.0)
  minitest (~> 5.14.2)
  rdoc (~> 6.1.2)
  rubocop (~> 0.81.0)
  systemu (~> 2.6.5)

BUNDLED WITH
   1.17.3
