GEM
  remote: https://rubygems.org/
  specs:
    hoe (3.22.3)
      rake (>= 0.8, < 15.0)
    minitest (5.14.3)
    rake (13.0.3)
    rdoc (6.3.0)
    systemu (2.6.5)

PLATFORMS
  java
  ruby
  x86-mingw32

DEPENDENCIES
  hoe (~> 3.22.3)
  minitest (~> 5.14.3)
  rdoc (~> 6.3.0)
  systemu (~> 2.6)

BUNDLED WITH
   1.14.3
