GEM
  remote: https://rubygems.org/
  specs:
    ast (2.4.2)
    hoe (3.23.1)
      rake (>= 0.8, < 15.0)
    minitest (5.15.0)
    parallel (1.21.0)
    parser (3.1.0.0)
      ast (~> 2.4.1)
    psych (4.0.3)
      stringio
    rainbow (3.1.1)
    rake (13.0.6)
    rdoc (6.4.0)
      psych (>= 4.0.0)
    regexp_parser (2.2.0)
    rexml (3.2.5)
    rubocop (1.24.1)
      parallel (~> 1.10)
      parser (>= 3.0.0.0)
      rainbow (>= 2.2.2, < 4.0)
      regexp_parser (>= 1.8, < 3.0)
      rexml
      rubocop-ast (>= 1.15.1, < 2.0)
      ruby-progressbar (~> 1.7)
      unicode-display_width (>= 1.4.0, < 3.0)
    rubocop-ast (1.15.1)
      parser (>= 3.0.1.1)
    ruby-progressbar (1.11.0)
    stringio (3.0.1)
    systemu (2.6.5)
    unicode-display_width (2.1.0)

PLATFORMS
  java
  ruby
  x86-mingw32

DEPENDENCIES
  hoe (~> 3.23.1)
  minitest (~> 5.15.0)
  rdoc (~> 6.4.0)
  rubocop (~> 1.24.1)
  systemu (~> 2.6.5)

BUNDLED WITH
   2.2.32
